GEM
  remote: https://rubygems.org/
  specs:
    hashie (4.0.0)

PLATFORMS
  ruby

DEPENDENCIES
  hashie

BUNDLED WITH
   1.17.2
